GEM
  remote: https://rubygems.org/
  specs:
    hoe (3.12.0)
      rake (>= 0.8, < 11.0)
    mail (2.5.4)
      mime-types (~> 1.16)
      treetop (~> 1.4.8)
    mime-types (1.25.1)
    polyglot (0.3.4)
    rake (10.3.2)
    rubystats (0.2.3)
      hoe (>= 1.7.0)
    treetop (1.4.15)
      polyglot
      polyglot (>= 0.3.1)

PLATFORMS
  ruby

DEPENDENCIES
  mail
  rake
  rubystats
